GEM
  remote: https://rubygems.org/
  specs:
    kgio (2.9.2)
    rack (1.6.12)
    rack-protection (1.5.5)
      rack
    raindrops (0.13.0)
    redis (3.0.7)
    sinatra (1.4.4)
      rack (~> 1.4)
      rack-protection (~> 1.4)
      tilt (~> 1.3, >= 1.3.4)
    tilt (1.4.1)
    unicorn (4.8.2)
      kgio (~> 2.6)
      rack
      raindrops (~> 0.7)

PLATFORMS
  ruby

DEPENDENCIES
  rack
  redis
  sinatra
  unicorn
